GEM
  remote: https://rubygems.org/
  specs:
    safe_yaml (1.0.4)
    steplib (0.9.0.10)

PLATFORMS
  ruby

DEPENDENCIES
  safe_yaml
  steplib

BUNDLED WITH
   1.10.5
